GEM
  remote: http://rubygems.org/
  specs:
    adsf (1.4.1)
      rack (>= 2.0.5)
    colored (1.2)
    cri (2.10.1)
      colored (>= 1.2)
    kramdown (1.16.2)
    mini_portile2 (2.8.0)
    nanoc (4.9.2)
      cri (~> 2.10.1)
    nokogiri (1.13.5)
      mini_portile2 (~> 2.8.0)
      racc (~> 1.4)
    racc (1.6.0)
    rack (2.2.3)
    sass (3.5.6)

PLATFORMS
  ruby

DEPENDENCIES
  adsf
  kramdown
  nanoc
  nokogiri
  sass

BUNDLED WITH
   1.11.2
