GEM
  remote: http://rubygems.org/
  specs:
    adsf (1.1.1)
      rack (>= 1.0.0)
    colored (1.2)
    cri (2.3.0)
      colored (>= 1.2)
    kramdown (0.14.1)
    nanoc (3.4.3)
      cri (~> 2.2)
    nokogiri (1.8.1)
    rack (1.4.1)
    sass (3.2.3)

PLATFORMS
  ruby

DEPENDENCIES
  adsf
  kramdown
  nanoc
  nokogiri
  sass
